GEM
  remote: https://rubygems.org/
  specs:
    addressable (2.4.0)
    ast (2.4.0)
    coveralls (0.8.10)
      json (~> 1.8)
      rest-client (>= 1.6.8, < 2)
      simplecov (~> 0.11.0)
      term-ansicolor (~> 1.3)
      thor (~> 0.19.1)
      tins (~> 1.6.0)
    crack (0.4.3)
      safe_yaml (~> 1.0.0)
    docile (1.1.5)
    domain_name (0.5.25)
      unf (>= 0.0.5, < 1.0.0)
    dotenv (2.1.0)
    foreman (0.78.0)
      thor (~> 0.19.1)
    hashdiff (0.2.3)
    http-cookie (1.0.2)
      domain_name (~> 0.5)
    json (1.8.6)
    mime-types (2.99)
    minitest (5.8.4)
    netrc (0.11.0)
    parser (2.6.5.0)
      ast (~> 2.4.0)
    powerpack (0.1.2)
    puma (3.12.1)
    rack (1.6.11)
    rack-cors (1.0.3)
    rack-protection (1.5.5)
      rack
    rack-test (0.6.3)
      rack (>= 1.0)
    rainbow (2.2.2)
      rake
    rake (10.5.0)
    rest-client (1.8.0)
      http-cookie (>= 1.0.2, < 2.0)
      mime-types (>= 1.16, < 3.0)
      netrc (~> 0.7)
    rubocop (0.48.1)
      parser (>= 2.3.3.1, < 3.0)
      powerpack (~> 0.1)
      rainbow (>= 1.99.1, < 3.0)
      ruby-progressbar (~> 1.7)
      unicode-display_width (~> 1.0, >= 1.0.1)
    ruby-oembed (0.9.0)
    ruby-progressbar (1.10.1)
    safe_yaml (1.0.4)
    simplecov (0.11.1)
      docile (~> 1.1.0)
      json (~> 1.8)
      simplecov-html (~> 0.10.0)
    simplecov-html (0.10.0)
    sinatra (1.4.7)
      rack (~> 1.5)
      rack-protection (~> 1.4)
      tilt (>= 1.3, < 3)
    term-ansicolor (1.3.2)
      tins (~> 1.0)
    thor (0.19.1)
    tilt (2.0.2)
    tins (1.6.0)
    unf (0.1.4)
      unf_ext
    unf_ext (0.0.7.1)
    unicode-display_width (1.6.0)
    webmock (1.22.3)
      addressable (>= 2.3.6)
      crack (>= 0.3.2)
      hashdiff

PLATFORMS
  ruby

DEPENDENCIES
  coveralls
  dotenv (~> 2.0)
  foreman
  minitest
  puma
  rack-cors
  rack-test
  rake
  rubocop (= 0.48.1)
  ruby-oembed
  simplecov
  sinatra
  webmock

BUNDLED WITH
   1.17.2
